{
    "TaskName": "AversiveLearningReplay",
    "Manufacturer": "CTF",
    "PowerLineFrequency": 50,
    "SamplingFrequency": 1200.0,
    "SoftwareFilters": "n/a",
    "RecordingDuration": 322.7191666666667,
    "RecordingType": "continuous",
    "DewarPosition": "n/a",
    "DigitizedLandmarks": false,
    "DigitizedHeadPoints": false,
    "MEGChannelCount": 272,
    "MEGREFChannelCount": 29,
    "EEGChannelCount": 0,
    "EOGChannelCount": 3,
    "ECGChannelCount": 0,
    "EMGChannelCount": 0,
    "MiscChannelCount": 110,
    "TriggerChannelCount": 0
}
